PATH
  remote: .
  specs:
    daemonize (0.0.1)

GEM
  remote: http://gems.iseesmic.com/
  remote: http://rubygems.org/
  specs:
    builder (3.0.0)
    geminabox (0.3.0)
      builder
      sinatra
    rack (1.3.2)
    sinatra (1.2.6)
      rack (~> 1.1)
      tilt (>= 1.2.2, < 2.0)
    tilt (1.3.2)

PLATFORMS
  ruby

DEPENDENCIES
  daemonize!
  geminabox
